GEM
  remote: https://rubygems.org/
  specs:
    rack (2.2.3.1)
    rake (13.0.3)

PLATFORMS
  x86_64-linux

DEPENDENCIES
  rack
  rake

BUNDLED WITH
   2.2.17
